GEM
  remote: http://rubygems.org/
  specs:
    chingu (0.7.7.5)
      gosu (>= 0.7.22)
    diff-lcs (1.1.2)
    gosu (0.7.25)
    nokogiri (1.4.4)
    pretty-fsm (0.2)
    rspec (2.1.0)
      rspec-core (~> 2.1.0)
      rspec-expectations (~> 2.1.0)
      rspec-mocks (~> 2.1.0)
    rspec-core (2.1.0)
    rspec-expectations (2.1.0)
      diff-lcs (~> 1.1.2)
    rspec-mocks (2.1.0)

PLATFORMS
  ruby

DEPENDENCIES
  bundler
  chingu (~> 0.7.7.5)
  gosu (~> 0.7.25)
  nokogiri
  pretty-fsm (= 0.2)
  rspec (~> 2.1.0)
